GEM
  remote: https://rubygems.org/
  specs:
    awesome_print (1.1.0)
    builder (3.1.4)
    coderay (1.0.8)
    excon (0.16.8)
    fog (1.7.0)
      builder
      excon (~> 0.14)
      formatador (~> 0.2.0)
      mime-types
      multi_json (~> 1.0)
      net-scp (~> 1.0.4)
      net-ssh (>= 2.1.3)
      nokogiri (~> 1.5.0)
      ruby-hmac
    formatador (0.2.4)
    json (1.7.5)
    method_source (0.8.1)
    mime-types (1.19)
    multi_json (1.3.7)
    net-scp (1.0.4)
      net-ssh (>= 1.99.1)
    net-ssh (2.6.1)
    nokogiri (1.5.5)
    pry (0.9.10)
      coderay (~> 1.0.5)
      method_source (~> 0.8)
      slop (~> 3.3.1)
    ruby-hmac (0.4.0)
    slop (3.3.3)
    terminal-table (1.4.5)

PLATFORMS
  ruby

DEPENDENCIES
  awesome_print
  fog
  json
  pry
  terminal-table
