GEM
  remote: https://rubygems.org/
  specs:
    awesome_print (1.1.0)
    builder (3.2.2)
    coderay (1.0.8)
    excon (0.37.0)
    fog (1.22.1)
      fog-brightbox
      fog-core (~> 1.22)
      fog-json
      ipaddress (~> 0.5)
      nokogiri (~> 1.5, >= 1.5.11)
    fog-brightbox (0.0.2)
      fog-core
      fog-json
    fog-core (1.22.0)
      builder
      excon (~> 0.33)
      formatador (~> 0.2)
      mime-types
      net-scp (~> 1.1)
      net-ssh (>= 2.1.3)
    fog-json (1.0.0)
      multi_json (~> 1.0)
    formatador (0.2.5)
    ipaddress (0.8.0)
    json (1.8.1)
    method_source (0.8.1)
    mime-types (2.3)
    mini_portile (0.6.0)
    multi_json (1.10.1)
    net-scp (1.1.2)
      net-ssh (>= 2.6.5)
    net-ssh (2.9.1)
    nokogiri (1.6.2.1)
      mini_portile (= 0.6.0)
    pry (0.9.10)
      coderay (~> 1.0.5)
      method_source (~> 0.8)
      slop (~> 3.3.1)
    slop (3.3.3)
    term-ansicolor (1.2.0)
      tins (~> 0.8)
    terminal-table (1.4.5)
    tins (0.8.0)

PLATFORMS
  ruby

DEPENDENCIES
  awesome_print
  fog
  json
  net-scp (= 1.1.2)
  pry
  term-ansicolor
  terminal-table
